STORAGE: NONE
RESTRICTION: || (== netcoreapp3.1) (== netstandard2.0) (== netstandard2.1)
NUGET
  remote: https://api.nuget.org/v3/index.json
    FSharp.Core (4.7.2)
    Microsoft.Bcl.AsyncInterfaces (1.1.1) - restriction: || (&& (== netcoreapp3.1) (< netstandard2.1)) (== netstandard2.0) (== netstandard2.1)
      System.Threading.Tasks.Extensions (>= 4.5.4)
    Microsoft.CognitiveServices.Speech (1.13)
    Microsoft.Extensions.Configuration (3.1.7)
      Microsoft.Extensions.Configuration.Abstractions (>= 3.1.7)
    Microsoft.Extensions.Configuration.Abstractions (3.1.7)
      Microsoft.Extensions.Primitives (>= 3.1.7)
    Microsoft.Extensions.Configuration.Binder (3.1.7)
      Microsoft.Extensions.Configuration (>= 3.1.7)
    Microsoft.Extensions.Configuration.CommandLine (3.1.7)
      Microsoft.Extensions.Configuration (>= 3.1.7)
    Microsoft.Extensions.Configuration.EnvironmentVariables (3.1.7)
      Microsoft.Extensions.Configuration (>= 3.1.7)
    Microsoft.Extensions.Configuration.FileExtensions (3.1.7)
      Microsoft.Extensions.Configuration (>= 3.1.7)
      Microsoft.Extensions.FileProviders.Physical (>= 3.1.7)
    Microsoft.Extensions.Configuration.Json (3.1.7)
      Microsoft.Extensions.Configuration (>= 3.1.7)
      Microsoft.Extensions.Configuration.FileExtensions (>= 3.1.7)
      System.Text.Json (>= 4.7.2) - restriction: || (== netstandard2.0) (== netstandard2.1)
      System.Threading.Tasks.Extensions (>= 4.5.4) - restriction: || (== netstandard2.0) (== netstandard2.1)
    Microsoft.Extensions.Configuration.UserSecrets (3.1.7)
      Microsoft.Extensions.Configuration.Json (>= 3.1.7)
    Microsoft.Extensions.DependencyInjection (3.1.7)
      Microsoft.Bcl.AsyncInterfaces (>= 1.1.1) - restriction: || (&& (== netcoreapp3.1) (>= net461)) (&& (== netcoreapp3.1) (< netstandard2.1)) (== netstandard2.0) (&& (== netstandard2.1) (>= net461))
      Microsoft.Extensions.DependencyInjection.Abstractions (>= 3.1.7)
    Microsoft.Extensions.DependencyInjection.Abstractions (3.1.7)
    Microsoft.Extensions.FileProviders.Abstractions (3.1.7)
      Microsoft.Extensions.Primitives (>= 3.1.7)
    Microsoft.Extensions.FileProviders.Physical (3.1.7)
      Microsoft.Extensions.FileProviders.Abstractions (>= 3.1.7)
      Microsoft.Extensions.FileSystemGlobbing (>= 3.1.7)
    Microsoft.Extensions.FileSystemGlobbing (3.1.7)
    Microsoft.Extensions.Hosting (3.1.7)
      Microsoft.Bcl.AsyncInterfaces (>= 1.1.1) - restriction: || (&& (== netcoreapp3.1) (< netstandard2.1)) (== netstandard2.0)
      Microsoft.Extensions.Configuration (>= 3.1.7)
      Microsoft.Extensions.Configuration.CommandLine (>= 3.1.7)
      Microsoft.Extensions.Configuration.EnvironmentVariables (>= 3.1.7)
      Microsoft.Extensions.Configuration.UserSecrets (>= 3.1.7)
      Microsoft.Extensions.DependencyInjection (>= 3.1.7)
      Microsoft.Extensions.FileProviders.Physical (>= 3.1.7)
      Microsoft.Extensions.Hosting.Abstractions (>= 3.1.7)
      Microsoft.Extensions.Logging (>= 3.1.7)
      Microsoft.Extensions.Logging.Console (>= 3.1.7)
      Microsoft.Extensions.Logging.Debug (>= 3.1.7)
      Microsoft.Extensions.Logging.EventLog (>= 3.1.7)
      Microsoft.Extensions.Logging.EventSource (>= 3.1.7)
    Microsoft.Extensions.Hosting.Abstractions (3.1.7)
      Microsoft.Bcl.AsyncInterfaces (>= 1.1.1) - restriction: || (== netstandard2.0) (== netstandard2.1)
      Microsoft.Extensions.Configuration.Abstractions (>= 3.1.7)
      Microsoft.Extensions.DependencyInjection.Abstractions (>= 3.1.7)
      Microsoft.Extensions.FileProviders.Abstractions (>= 3.1.7)
      Microsoft.Extensions.Logging.Abstractions (>= 3.1.7)
    Microsoft.Extensions.Logging (3.1.7)
      Microsoft.Extensions.Configuration.Binder (>= 3.1.7)
      Microsoft.Extensions.DependencyInjection (>= 3.1.7)
      Microsoft.Extensions.Logging.Abstractions (>= 3.1.7)
      Microsoft.Extensions.Options (>= 3.1.7)
    Microsoft.Extensions.Logging.Abstractions (3.1.7)
    Microsoft.Extensions.Logging.Configuration (3.1.7)
      Microsoft.Extensions.Logging (>= 3.1.7)
      Microsoft.Extensions.Options.ConfigurationExtensions (>= 3.1.7)
    Microsoft.Extensions.Logging.Console (3.1.7)
      Microsoft.Extensions.Configuration.Abstractions (>= 3.1.7)
      Microsoft.Extensions.Logging (>= 3.1.7)
      Microsoft.Extensions.Logging.Configuration (>= 3.1.7)
    Microsoft.Extensions.Logging.Debug (3.1.7)
      Microsoft.Extensions.Logging (>= 3.1.7)
    Microsoft.Extensions.Logging.EventLog (3.1.7)
      Microsoft.Extensions.Logging (>= 3.1.7)
      System.Diagnostics.EventLog (>= 4.7)
    Microsoft.Extensions.Logging.EventSource (3.1.7)
      Microsoft.Extensions.Logging (>= 3.1.7)
      System.Text.Json (>= 4.7.2) - restriction: || (== netstandard2.0) (== netstandard2.1)
      System.Threading.Tasks.Extensions (>= 4.5.4) - restriction: || (== netstandard2.0) (== netstandard2.1)
    Microsoft.Extensions.Options (3.1.7)
      Microsoft.Extensions.DependencyInjection.Abstractions (>= 3.1.7)
      Microsoft.Extensions.Primitives (>= 3.1.7)
      System.ComponentModel.Annotations (>= 4.7) - restriction: || (== netstandard2.0) (== netstandard2.1)
    Microsoft.Extensions.Options.ConfigurationExtensions (3.1.7)
      Microsoft.Extensions.Configuration.Abstractions (>= 3.1.7)
      Microsoft.Extensions.Configuration.Binder (>= 3.1.7)
      Microsoft.Extensions.DependencyInjection.Abstractions (>= 3.1.7)
      Microsoft.Extensions.Options (>= 3.1.7)
    Microsoft.Extensions.Primitives (3.1.7)
      System.Memory (>= 4.5.2) - restriction: || (== netstandard2.0) (== netstandard2.1)
      System.Runtime.CompilerServices.Unsafe (>= 4.7.1) - restriction: || (== netstandard2.0) (== netstandard2.1)
    Microsoft.NETCore.Platforms (3.1.2) - restriction: || (== netcoreapp3.1) (&& (== netstandard2.0) (>= netcoreapp2.0)) (&& (== netstandard2.1) (>= netcoreapp2.0))
    Microsoft.Win32.Registry (4.7) - restriction: || (== netcoreapp3.1) (&& (== netstandard2.0) (>= netcoreapp2.0)) (&& (== netstandard2.1) (>= netcoreapp2.0))
      System.Security.AccessControl (>= 4.7)
      System.Security.Principal.Windows (>= 4.7)
    System.Buffers (4.5.1) - restriction: || (== netstandard2.0) (== netstandard2.1)
    System.ComponentModel.Annotations (4.7) - restriction: || (== netstandard2.0) (== netstandard2.1)
    System.Diagnostics.EventLog (4.7)
      Microsoft.NETCore.Platforms (>= 3.1) - restriction: || (== netcoreapp3.1) (&& (== netstandard2.0) (>= netcoreapp2.0)) (&& (== netstandard2.1) (>= netcoreapp2.0))
      Microsoft.Win32.Registry (>= 4.7) - restriction: || (== netcoreapp3.1) (&& (== netstandard2.0) (>= netcoreapp2.0)) (&& (== netstandard2.1) (>= netcoreapp2.0))
      System.Security.Principal.Windows (>= 4.7)
    System.Memory (4.5.4) - restriction: || (== netstandard2.0) (== netstandard2.1)
      System.Buffers (>= 4.5.1) - restriction: || (&& (== netcoreapp3.1) (>= monoandroid)) (&& (== netcoreapp3.1) (>= monotouch)) (&& (== netcoreapp3.1) (>= net461)) (&& (== netcoreapp3.1) (< netcoreapp2.0)) (&& (== netcoreapp3.1) (< netstandard1.1)) (&& (== netcoreapp3.1) (< netstandard2.0)) (&& (== netcoreapp3.1) (>= xamarinios)) (&& (== netcoreapp3.1) (>= xamarinmac)) (&& (== netcoreapp3.1) (>= xamarintvos)) (&& (== netcoreapp3.1) (>= xamarinwatchos)) (== netstandard2.0) (== netstandard2.1)
      System.Numerics.Vectors (>= 4.4) - restriction: || (&& (== netcoreapp3.1) (< netcoreapp2.0)) (== netstandard2.0) (== netstandard2.1)
      System.Runtime.CompilerServices.Unsafe (>= 4.5.3) - restriction: || (&& (== netcoreapp3.1) (>= monoandroid)) (&& (== netcoreapp3.1) (>= monotouch)) (&& (== netcoreapp3.1) (>= net461)) (&& (== netcoreapp3.1) (< netcoreapp2.0)) (&& (== netcoreapp3.1) (< netcoreapp2.1)) (&& (== netcoreapp3.1) (< netstandard1.1)) (&& (== netcoreapp3.1) (< netstandard2.0)) (&& (== netcoreapp3.1) (>= uap10.1)) (&& (== netcoreapp3.1) (>= xamarinios)) (&& (== netcoreapp3.1) (>= xamarinmac)) (&& (== netcoreapp3.1) (>= xamarintvos)) (&& (== netcoreapp3.1) (>= xamarinwatchos)) (== netstandard2.0) (== netstandard2.1)
    System.Numerics.Vectors (4.5) - restriction: || (== netstandard2.0) (== netstandard2.1)
    System.Runtime.CompilerServices.Unsafe (4.7.1) - restriction: || (&& (== netcoreapp3.1) (>= net461)) (&& (== netcoreapp3.1) (< netcoreapp2.1) (< netstandard2.1)) (&& (== netcoreapp3.1) (< netstandard1.0)) (&& (== netcoreapp3.1) (< netstandard2.0)) (&& (== netcoreapp3.1) (>= wp8)) (== netstandard2.0) (== netstandard2.1)
    System.Security.AccessControl (4.7) - restriction: || (== netcoreapp3.1) (&& (== netstandard2.0) (>= netcoreapp2.0)) (&& (== netstandard2.1) (>= netcoreapp2.0))
      Microsoft.NETCore.Platforms (>= 3.1) - restriction: || (== netcoreapp3.1) (&& (== netstandard2.0) (>= netcoreapp2.0)) (&& (== netstandard2.1) (>= netcoreapp2.0))
      System.Security.Principal.Windows (>= 4.7)
    System.Security.Principal.Windows (4.7)
    System.Text.Encodings.Web (4.7.1) - restriction: || (== netstandard2.0) (== netstandard2.1)
      System.Memory (>= 4.5.4) - restriction: || (&& (== netcoreapp3.1) (>= net461)) (&& (== netcoreapp3.1) (< netcoreapp2.1) (< netstandard2.1)) (&& (== netcoreapp3.1) (>= uap10.1)) (== netstandard2.0) (&& (== netstandard2.1) (>= net461)) (&& (== netstandard2.1) (>= uap10.1))
    System.Text.Json (4.7.2) - restriction: || (== netstandard2.0) (== netstandard2.1)
      Microsoft.Bcl.AsyncInterfaces (>= 1.1) - restriction: || (&& (== netcoreapp3.1) (>= monoandroid)) (&& (== netcoreapp3.1) (>= monotouch)) (&& (== netcoreapp3.1) (>= net461)) (&& (== netcoreapp3.1) (< netcoreapp2.0)) (&& (== netcoreapp3.1) (< netcoreapp2.1)) (&& (== netcoreapp3.1) (< netcoreapp3.0)) (&& (== netcoreapp3.1) (>= uap10.1)) (&& (== netcoreapp3.1) (>= xamarinios)) (&& (== netcoreapp3.1) (>= xamarinmac)) (&& (== netcoreapp3.1) (>= xamarintvos)) (&& (== netcoreapp3.1) (>= xamarinwatchos)) (== netstandard2.0) (== netstandard2.1)
      System.Buffers (>= 4.5.1) - restriction: || (&& (== netcoreapp3.1) (>= monoandroid)) (&& (== netcoreapp3.1) (>= monotouch)) (&& (== netcoreapp3.1) (>= net461)) (&& (== netcoreapp3.1) (< netcoreapp2.0)) (&& (== netcoreapp3.1) (>= xamarinios)) (&& (== netcoreapp3.1) (>= xamarinmac)) (&& (== netcoreapp3.1) (>= xamarintvos)) (&& (== netcoreapp3.1) (>= xamarinwatchos)) (== netstandard2.0) (== netstandard2.1)
      System.Memory (>= 4.5.4) - restriction: || (&& (== netcoreapp3.1) (>= net461)) (&& (== netcoreapp3.1) (< netcoreapp2.0)) (&& (== netcoreapp3.1) (< netcoreapp2.1)) (&& (== netcoreapp3.1) (>= uap10.1)) (== netstandard2.0) (== netstandard2.1)
      System.Numerics.Vectors (>= 4.5) - restriction: || (&& (== netcoreapp3.1) (>= net461)) (&& (== netcoreapp3.1) (< netcoreapp2.0)) (== netstandard2.0) (== netstandard2.1)
      System.Runtime.CompilerServices.Unsafe (>= 4.7.1) - restriction: || (&& (== netcoreapp3.1) (>= monoandroid)) (&& (== netcoreapp3.1) (>= monotouch)) (&& (== netcoreapp3.1) (>= net461)) (&& (== netcoreapp3.1) (< netcoreapp2.0)) (&& (== netcoreapp3.1) (< netcoreapp2.1)) (&& (== netcoreapp3.1) (< netcoreapp3.0)) (&& (== netcoreapp3.1) (>= uap10.1)) (&& (== netcoreapp3.1) (>= xamarinios)) (&& (== netcoreapp3.1) (>= xamarinmac)) (&& (== netcoreapp3.1) (>= xamarintvos)) (&& (== netcoreapp3.1) (>= xamarinwatchos)) (== netstandard2.0) (== netstandard2.1)
      System.Text.Encodings.Web (>= 4.7.1) - restriction: || (&& (== netcoreapp3.1) (>= monoandroid)) (&& (== netcoreapp3.1) (>= monotouch)) (&& (== netcoreapp3.1) (>= net461)) (&& (== netcoreapp3.1) (< netcoreapp2.0)) (&& (== netcoreapp3.1) (< netcoreapp2.1)) (&& (== netcoreapp3.1) (< netcoreapp3.0)) (&& (== netcoreapp3.1) (>= uap10.1)) (&& (== netcoreapp3.1) (>= xamarinios)) (&& (== netcoreapp3.1) (>= xamarinmac)) (&& (== netcoreapp3.1) (>= xamarintvos)) (&& (== netcoreapp3.1) (>= xamarinwatchos)) (== netstandard2.0) (== netstandard2.1)
      System.Threading.Tasks.Extensions (>= 4.5.4) - restriction: || (&& (== netcoreapp3.1) (>= net461)) (&& (== netcoreapp3.1) (< netcoreapp2.0)) (&& (== netcoreapp3.1) (< netcoreapp2.1)) (&& (== netcoreapp3.1) (>= uap10.1)) (== netstandard2.0) (== netstandard2.1)
    System.Threading.Tasks.Extensions (4.5.4) - restriction: || (&& (== netcoreapp3.1) (>= net461)) (&& (== netcoreapp3.1) (< netstandard2.1)) (== netstandard2.0) (== netstandard2.1)
      System.Runtime.CompilerServices.Unsafe (>= 4.5.3) - restriction: || (&& (== netcoreapp3.1) (>= net461)) (&& (== netcoreapp3.1) (< netcoreapp2.1)) (&& (== netcoreapp3.1) (< netstandard1.0)) (&& (== netcoreapp3.1) (< netstandard2.0)) (&& (== netcoreapp3.1) (>= wp8)) (== netstandard2.0) (== netstandard2.1)
